PATH
  remote: .
  specs:
    ftp_deploy (0.0.1)
      activesupport (~> 3.0.0)
      thor

GEM
  remote: http://rubygems.org/
  specs:
    activesupport (3.0.3)
    autotest (4.3.2)
    diff-lcs (1.1.2)
    rspec (2.3.0)
      rspec-core (~> 2.3.0)
      rspec-expectations (~> 2.3.0)
      rspec-mocks (~> 2.3.0)
    rspec-core (2.3.0)
    rspec-expectations (2.3.0)
      diff-lcs (~> 1.1.2)
    rspec-mocks (2.3.0)
    thor (0.14.6)

PLATFORMS
  ruby

DEPENDENCIES
  activesupport (~> 3.0.0)
  autotest
  ftp_deploy!
  rspec (~> 2.3.0)
  thor
